GEM
  remote: https://rubygems.org/
  specs:
    addressable (2.8.6)
      public_suffix (>= 2.0.2, < 6.0)
    ast (2.4.2)
    base64 (0.1.1)
    bigdecimal (3.1.7)
    crack (1.0.0)
      bigdecimal
      rexml
    daemons (1.4.1)
    debug (1.9.1)
      irb (~> 1.10)
      reline (>= 0.3.8)
    eventmachine (1.2.7)
    faraday (2.9.0)
      faraday-net_http (>= 2.0, < 3.2)
    faraday-net_http (3.1.0)
      net-http
    ffi (1.16.3)
    hashdiff (1.1.0)
    httparty (0.21.0)
      mini_mime (>= 1.0.0)
      multi_xml (>= 0.5.2)
    io-console (0.7.2)
    irb (1.12.0)
      rdoc
      reline (>= 0.4.2)
    json (2.7.1)
    language_server-protocol (3.17.0.3)
    listen (3.9.0)
      rb-fsevent (~> 0.10, >= 0.10.3)
      rb-inotify (~> 0.9, >= 0.9.10)
    mini_mime (1.1.5)
    minitest (5.16.3)
    multi_xml (0.6.0)
    mustermann (3.0.0)
      ruby2_keywords (~> 0.0.1)
    net-http (0.4.1)
      uri
    octokit (7.2.0)
      faraday (>= 1, < 3)
      sawyer (~> 0.9)
    parallel (1.24.0)
    parser (3.3.0.5)
      ast (~> 2.4.1)
      racc
    psych (5.1.2)
      stringio
    public_suffix (5.0.4)
    racc (1.7.3)
    rack (2.2.8.1)
    rack-protection (3.0.6)
      rack
    rainbow (3.1.1)
    rake (13.0.6)
    rb-fsevent (0.11.2)
    rb-inotify (0.10.1)
      ffi (~> 1.0)
    rdoc (6.6.2)
      psych (>= 4.0.0)
    regexp_parser (2.9.0)
    reline (0.4.3)
      io-console (~> 0.5)
    rerun (0.14.0)
      listen (~> 3.0)
    rexml (3.2.6)
    rubocop (1.56.4)
      base64 (~> 0.1.1)
      json (~> 2.3)
      language_server-protocol (>= 3.17.0)
      parallel (~> 1.10)
      parser (>= 3.2.2.3)
      rainbow (>= 2.2.2, < 4.0)
      regexp_parser (>= 1.8, < 3.0)
      rexml (>= 3.2.5, < 4.0)
      rubocop-ast (>= 1.28.1, < 2.0)
      ruby-progressbar (~> 1.7)
      unicode-display_width (>= 2.4.0, < 3.0)
    rubocop-ast (1.31.2)
      parser (>= 3.3.0.4)
    rubocop-minitest (0.31.1)
      rubocop (>= 1.39, < 2.0)
    rubocop-rake (0.6.0)
      rubocop (~> 1.0)
    ruby-progressbar (1.13.0)
    ruby2_keywords (0.0.5)
    sawyer (0.9.2)
      addressable (>= 2.3.5)
      faraday (>= 0.17.3, < 3)
    sinatra (3.0.6)
      mustermann (~> 3.0)
      rack (~> 2.2, >= 2.2.4)
      rack-protection (= 3.0.6)
      tilt (~> 2.0)
    spy (1.0.5)
    stringio (3.1.0)
    thin (1.8.2)
      daemons (~> 1.0, >= 1.0.9)
      eventmachine (~> 1.0, >= 1.0.4)
      rack (>= 1, < 3)
    tilt (2.3.0)
    unicode-display_width (2.5.0)
    uri (0.13.0)
    vcr (6.2.0)
    webmock (3.18.1)
      addressable (>= 2.8.0)
      crack (>= 0.3.2)
      hashdiff (>= 0.4.0, < 2.0.0)
    yard (0.9.36)

PLATFORMS
  arm64-darwin-23
  ruby

DEPENDENCIES
  debug (~> 1.9.1)
  httparty (~> 0.21.0)
  minitest (~> 5.16.3)
  octokit (~> 7.2.0)
  rake (~> 13.0.6)
  rerun (~> 0.14.0)
  rubocop (~> 1.56.0)
  rubocop-minitest (~> 0.31.0)
  rubocop-rake (~> 0.6.0)
  sinatra (~> 3.0.6)
  spy (~> 1.0.5)
  thin (~> 1.8)
  vcr (~> 6.2.0)
  webmock (~> 3.18.1)
  yard (~> 0.9.28)

BUNDLED WITH
   2.5.4
